GEM
  remote: https://rubygems.org/
  specs:
    faraday (2.2.0)
      faraday-net_http (~> 2.0)
      ruby2_keywords (>= 0.0.4)
    faraday-net_http (2.1.0)
    ruby2_keywords (0.0.5)

PLATFORMS
  x86_64-linux

DEPENDENCIES
  faraday (~> 2.2)

BUNDLED WITH
   2.3.20
